GIT
  remote: git://github.com/rsim/oracle-enhanced.git
  revision: 349f0bb1f3545f847fcfe9d2edd07ba82a126407
  branch: rails42
  specs:
    activerecord-oracle_enhanced-adapter (1.5.5)

PATH
  remote: .
  specs:
    Panorama (2.1.98)
      activerecord-nulldb-adapter
      activerecord-oracle_enhanced-adapter
      jquery-rails
      krypt-core
      krypt-provider-jdk
      memcache-client
      mime-types (< 3.0)
      multi_json
      rails (= 4.2.6)
      rails-html-sanitizer
      sass
      therubyrhino
      therubyrhino_jar
      tzinfo-data
      uglifier

GEM
  remote: https://rubygems.org/
  specs:
    actionmailer (4.2.6)
      actionpack (= 4.2.6)
      actionview (= 4.2.6)
      activejob (= 4.2.6)
      mail (~> 2.5, >= 2.5.4)
      rails-dom-testing (~> 1.0, >= 1.0.5)
    actionpack (4.2.6)
      actionview (= 4.2.6)
      activesupport (= 4.2.6)
      rack (~> 1.6)
      rack-test (~> 0.6.2)
      rails-dom-testing (~> 1.0, >= 1.0.5)
      rails-html-sanitizer (~> 1.0, >= 1.0.2)
    actionview (4.2.6)
      activesupport (= 4.2.6)
      builder (~> 3.1)
      erubis (~> 2.7.0)
      rails-dom-testing (~> 1.0, >= 1.0.5)
      rails-html-sanitizer (~> 1.0, >= 1.0.2)
    activejob (4.2.6)
      activesupport (= 4.2.6)
      globalid (>= 0.3.0)
    activemodel (4.2.6)
      activesupport (= 4.2.6)
      builder (~> 3.1)
    activerecord (4.2.6)
      activemodel (= 4.2.6)
      activesupport (= 4.2.6)
      arel (~> 6.0)
    activerecord-nulldb-adapter (0.3.2)
      activerecord (>= 2.0.0)
    activesupport (4.2.6)
      i18n (~> 0.7)
      json (~> 1.7, >= 1.7.7)
      minitest (~> 5.1)
      thread_safe (~> 0.3, >= 0.3.4)
      tzinfo (~> 1.1)
    arel (6.0.3)
    builder (3.2.2)
    erubis (2.7.0)
    execjs (2.7.0)
    globalid (0.3.6)
      activesupport (>= 4.1.0)
    i18n (0.7.0)
    jquery-rails (4.1.1)
      rails-dom-testing (>= 1, < 3)
      railties (>= 4.2.0)
      thor (>= 0.14, < 2.0)
    json (1.8.3-java)
    krypt-core (0.0.2-java)
      krypt-provider-jdk (= 0.0.2)
    krypt-provider-jdk (0.0.2)
    loofah (2.0.3)
      nokogiri (>= 1.5.9)
    mail (2.6.4)
      mime-types (>= 1.16, < 4)
    memcache-client (1.8.5)
    mime-types (2.99.2)
    minitest (5.9.0)
    multi_json (1.11.2)
    nokogiri (1.6.8-java)
    rack (1.6.4)
    rack-test (0.6.3)
      rack (>= 1.0)
    rails (4.2.6)
      actionmailer (= 4.2.6)
      actionpack (= 4.2.6)
      actionview (= 4.2.6)
      activejob (= 4.2.6)
      activemodel (= 4.2.6)
      activerecord (= 4.2.6)
      activesupport (= 4.2.6)
      bundler (>= 1.3.0, < 2.0)
      railties (= 4.2.6)
      sprockets-rails
    rails-deprecated_sanitizer (1.0.3)
      activesupport (>= 4.2.0.alpha)
    rails-dom-testing (1.0.7)
      activesupport (>= 4.2.0.beta, < 5.0)
      nokogiri (~> 1.6.0)
      rails-deprecated_sanitizer (>= 1.0.1)
    rails-html-sanitizer (1.0.3)
      loofah (~> 2.0)
    railties (4.2.6)
      actionpack (= 4.2.6)
      activesupport (= 4.2.6)
      rake (>= 0.8.7)
      thor (>= 0.18.1, < 2.0)
    rake (10.4.2)
    sass (3.4.22)
    sprockets (3.3.4)
      rack (~> 1.0)
    sprockets-rails (2.3.3)
      actionpack (>= 3.0)
      activesupport (>= 3.0)
      sprockets (>= 2.8, < 4.0)
    therubyrhino (2.0.4)
      therubyrhino_jar (>= 1.7.3)
    therubyrhino_jar (1.7.6)
    thor (0.19.1)
    thread_safe (0.3.5-java)
    tzinfo (1.2.2)
      thread_safe (~> 0.1)
    tzinfo-data (1.2016.5)
      tzinfo (>= 1.0.0)
    uglifier (3.0.0)
      execjs (>= 0.3.0, < 3)

PLATFORMS
  java

DEPENDENCIES
  Panorama!
  activerecord-oracle_enhanced-adapter!
  bundler (~> 1.6)
  rake
